GEM
  remote: https://rubygems.org/
  specs:
    activesupport (4.2.1)
      i18n (~> 0.7)
      json (~> 1.7, >= 1.7.7)
      minitest (~> 5.1)
      thread_safe (~> 0.3, >= 0.3.4)
      tzinfo (~> 1.1)
    coderay (1.1.2)
    concurrent-ruby (1.1.5)
    gemspec (0.3.1)
      activesupport (= 4.2.1)
      memoist (= 0.12.0)
      rake (~> 10.4)
    i18n (0.9.5)
      concurrent-ruby (~> 1.0)
    json (1.8.6)
    memoist (0.12.0)
    method_source (0.9.2)
    minitest (5.11.3)
    pry (0.12.2)
      coderay (~> 1.1.0)
      method_source (~> 0.9.0)
    rake (10.5.0)
    require_all (2.0.0)
    thread_safe (0.3.6)
    tzinfo (1.2.5)
      thread_safe (~> 0.1)

PLATFORMS
  ruby

DEPENDENCIES
  gemspec
  pry
  require_all

BUNDLED WITH
   2.0.2
